GEM
  remote: https://rubygems.org/
  specs:
    rack (2.1.4.2)

PLATFORMS
  ruby

DEPENDENCIES
  rack (~> 2.1.4)

BUNDLED WITH
   2.1.4
